{
    "TaskName": "MatrixCalibration",
    "Manufacturer": "Brain Products",
    "PowerLineFrequency": 60.0,
    "SamplingFrequency": 300.0,
    "SoftwareFilters": "n/a",
    "RecordingDuration": 406.19666666666666,
    "RecordingType": "continuous",
    "EEGReference": "Averaged linked-ear reference: (A1 + A2) / 2, with active common-mode follower",
    "EEGGround": "FPz",
    "EEGPlacementScheme": "based on the extended 10/20 system",
    "EEGChannelCount": 20,
    "EOGChannelCount": 0,
    "ECGChannelCount": 0,
    "EMGChannelCount": 0,
    "MiscChannelCount": 0,
    "TriggerChannelCount": 0,
    "ManufacturersModelName": "DSI-24",
    "InstitutionName": "Oregon Health and Science University",
    "CapManufacturer": "Wearable Sensing",
    "CapManufacturersModelName": "DSI-24",
    "InstitutionAddress": "3181 SW Sam Jackson Park Rd, Portland, OR 97239, USA",
    "InstitutionalDepartmentName": "see README",
    "HardwareFilters": {
        "HighpassFilter": {
            "CutoffFrequency": 0.003
        },
        "LowpassFilter": {
            "CutoffFrequency": 150
        }
    },
    "SoftwareVersions": "BciPy 2.0.0",
    "DeviceSerialNumber": "n/a",
    "SubjectArtefactDescription": "see README",
    "TaskDescription": "Matrix paradigm calibration task; see README for full protocol details.",
    "Instructions": "see README",
    "MISCChannelCount": 0
}